GEM
  remote: https://rubygems.org/
  specs:
    mustermann (1.1.1)
      ruby2_keywords (~> 0.0.1)
    power_assert (1.1.3)
    rack (2.2.6.3)
    rack-protection (2.0.8.1)
      rack
    rack-test (1.1.0)
      rack (>= 1.0, < 3)
    redis (4.1.3)
    ruby2_keywords (0.0.2)
    sinatra (2.0.8.1)
      mustermann (~> 1.0)
      rack (~> 2.0)
      rack-protection (= 2.0.8.1)
      tilt (~> 2.0)
    test-unit (3.2.9)
      power_assert
    tilt (2.0.10)

PLATFORMS
  ruby

DEPENDENCIES
  rack-test
  redis
  sinatra
  test-unit

BUNDLED WITH
   1.17.3
